GEM
  remote: https://rubygems.org/
  specs:
    coderay (1.1.1)
    method_source (0.8.2)
    minitest (5.9.1)
    pry (0.10.4)
      coderay (~> 1.1.0)
      method_source (~> 0.8.1)
      slop (~> 3.4)
    rake (11.3.0)
    slop (3.6.0)
    timecop (0.8.1)

PLATFORMS
  ruby

DEPENDENCIES
  minitest
  pry
  rake
  timecop

BUNDLED WITH
   1.13.6
